GEM
  remote: https://rubygems.org/
  specs:
    dry-cli (1.2.0)

PLATFORMS
  x64-mingw-ucrt

DEPENDENCIES
  dry-cli

BUNDLED WITH
   2.6.9
